GEM
  remote: https://rubygems.org/
  specs:
    byebug (9.1.0)
    fiddle (1.0.0.beta1)
    metaclass (0.0.4)
    mocha (1.3.0)
      metaclass (~> 0.0.1)
    net-http-uploadprogress (2.0.0)
    power_assert (1.1.1)
    rake (12.0.0)
    rubyzip (1.2.1)
    test-unit (3.2.7)
      power_assert

PLATFORMS
  ruby

DEPENDENCIES
  byebug
  fiddle
  mocha
  net-http-uploadprogress
  rake
  rubyzip
  test-unit

BUNDLED WITH
   1.16.0
