GEM
  remote: https://rubygems.org/
  specs:
    fiddle (1.0.0.beta1)
    net-http-uploadprogress (2.0.0)
    rake (12.0.0)
    rubyzip (1.2.1)

PLATFORMS
  ruby

DEPENDENCIES
  fiddle
  net-http-uploadprogress
  rake
  rubyzip

BUNDLED WITH
   1.15.4
