GEM
  remote: https://rubygems.org/
  specs:
    addressable (2.6.0)
      public_suffix (>= 2.0.2, < 4.0)
    byebug (8.2.5)
    crack (0.4.3)
      safe_yaml (~> 1.0.0)
    fiddle (1.0.0.beta1)
    hashdiff (0.3.9)
    metaclass (0.0.4)
    mocha (1.3.0)
      metaclass (~> 0.0.1)
    net-http-uploadprogress (2.0.0)
    power_assert (1.1.1)
    public_suffix (3.1.1)
    rubyzip (2.3.2)
    safe_yaml (1.0.5)
    test-unit (3.2.7)
      power_assert
    webmock (3.5.1)
      addressable (>= 2.3.6)
      crack (>= 0.3.2)
      hashdiff

PLATFORMS
  ruby

DEPENDENCIES
  byebug (~> 8)
  fiddle
  mocha
  net-http-uploadprogress
  rubyzip
  test-unit
  webmock

BUNDLED WITH
   1.17.2
