GEM
  remote: https://rubygems.org/
  specs:
    net-http-uploadprogress (2.0.0)

PLATFORMS
  x64-mingw32

DEPENDENCIES
  net-http-uploadprogress

BUNDLED WITH
   1.12.5
